GEM
  remote: https://rubygems.org/
  specs:
    crowi-client (0.1.1)
      easy_settings (~> 0.1)
      json (~> 2.1)
      rest-client (~> 2.0)
    domain_name (0.5.20180417)
      unf (>= 0.0.5, < 1.0.0)
    easy_settings (0.1.2)
      hashie (~> 3.4.3)
    esa (1.13.1)
      faraday (~> 0.9)
      faraday_middleware
      mime-types (~> 2.6)
      multi_xml (~> 0.5.5)
    faraday (0.15.2)
      multipart-post (>= 1.2, < 3)
    faraday_middleware (0.12.2)
      faraday (>= 0.7.4, < 1.0)
    hashie (3.4.6)
    http-cookie (1.0.3)
      domain_name (~> 0.5)
    json (2.1.0)
    mime-types (2.99.3)
    multi_xml (0.5.5)
    multipart-post (2.0.0)
    netrc (0.11.0)
    rest-client (2.0.2)
      http-cookie (>= 1.0.2, < 2.0)
      mime-types (>= 1.16, < 4.0)
      netrc (~> 0.8)
    unf (0.1.4)
      unf_ext
    unf_ext (0.0.7.5)

PLATFORMS
  ruby

DEPENDENCIES
  crowi-client (~> 0.1)
  esa (~> 1.0)

BUNDLED WITH
   1.16.1
